GEM
  remote: https://rubygems.org/
  specs:
    bugsnag (1.4.2)
      httparty (>= 0.6, < 1.0)
      multi_json (~> 1.0)
    httparty (0.11.0)
      multi_json (~> 1.0)
      multi_xml (>= 0.5.2)
    multi_json (1.7.8)
    multi_xml (0.5.5)

PLATFORMS
  ruby

DEPENDENCIES
  bugsnag
